##TITLE= Parameter file, TopSpin 4.4.0
##JCAMPDX= 5.0
##DATATYPE= Parameter Values
##NPOINTS= 1	$$ modification sequence number
##ORIGIN= Bruker BioSpin GmbH & Co. KG
##OWNER= NMR_User
$$ 2024-08-13 10:22:04.582 -0400  NMR_User@FS3C52825A8044
$$ C:/Bruker/TopSpin_data/cag620/2D1H1H_2024 08 13_OMePAIH_trans_DMF_1H/2D1H1H_2024 08 13_OMePAIH_trans_DMF_NOESY/1//specpar
$$ process C:\Bruker\TopSpin4.4.0\prog\mod\acqdataserver.exe
##$ANCIEN= (0..7)
0 0 0 0 0 0 0 0
##$BF1= 100.13
##$BF2= 100.13
##$BF3= 100.13
##$DEC= 1
##$DECB= 1
##$DEF19F= yes
##$DEFRSEL= yes
##$HPMOD= (0..32)
0 0 0 0 0 0 0 0 0 0 0 0 0 0 0 0 0 0 0 0 0 0 0 0 0 0 0 0 0 0 0 0 0
##$HPPRECH= (0..32)
-1 -1 -1 -1 -1 -1 -1 -1 -1 -1 -1 -1 -1 -1 -1 -1 -1 -1 -1 -1 -1 -1 -1 -1
-1 -1 -1 -1 -1 -1 -1 -1 -1
##$HPSELECT= yes
##$LOCSW19F= -1
##$LOCSW2H= -1
##$NUC1= 1
##$NUC2= 0
##$NUC3= 0
##$NUC4= 0
##$NUC5= 0
##$NUC6= 0
##$NUC7= 0
##$NUC8= 0
##$NUCARR= (0..123)
500.18 500.18 76.780675396 533.511865153 381.032002157 73.606918955 194.388939835
70.284358263 53.737628584 160.477621153 125.770361036 36.144592371 50.682799242
67.806686623 470.63942422 39.485689733 132.30711342 30.619193943 130.331197346
99.371695937 202.476575336 38.3938168 49.007181236 40.793305305 23.340264471
29.020533632 12.811135349 33.662259052 121.502460145 28.197817561 28.205335267
49.869491556 131.562085306 28.272654493 123.990710592 16.194718 118.678078733
44.696339892 132.625092851 142.069591647 31.295277245 120.049972437 152.538414067
17.447853967 85.643890705 95.391893723 26.0980019 125.314997164 135.081201732
19.24492568 48.292093897 163.661166817 21.67691088 24.509810356 46.498223336
122.424907106 32.596360467 33.280451651 112.582144987 23.034044272 25.816135464
15.937970605 22.88873698 20.246381074 23.276041359 106.115587864 111.005822715
109.368133359 109.602587732 163.652638748 178.225433066 186.520283138 119.695960039
64.819411591 130.895815536 157.805634584 100.073443475 139.100988335 41.234444058
65.604319056 49.690167023 55.58464327 65.99524974 70.653631154 153.155116
27.25981 16.806048 20.857506 17.206192 124.344748 54.919764 15.355526 20.157254
120.243272 17.206192 24.108676 106.738412 14.405184 41.464922 87.528028751
24.1136778 57.0405272 40.6696358 20.0422126 12.5895306 59.96958128 20.839434497
112.66354428 113.79895288 11.415763196 38.84097772 8.5930924 9.3583678
107.522614211 8.6481122 89.58634948 33.069815849 285.71882176 288.523020908
104.640652078 80.375364718 9.21031452 18.156534 100
##$NUCOFFS= (0..127)
<13C> <1H> <2H> <15N> <19F> <> <> <> <> <> <> <> <> <> <> <> <> <> <> <>
<> <> <> <> <> <> <> <> <> <> <> <> <> <> <> <> <> <> <> <> <> <> <> <>
<> <> <> <> <> <> <> <> <> <> <> <> <> <> <> <> <> <> <> <> <> <> <> <>
<> <> <> <> <> <> <> <> <> <> <> <> <> <> <> <> <> <> <> <> <> <> <> <>
<> <> <> <> <> <> <> <> <> <> <> <> <> <> <> <> <> <> <> <> <> <> <> <>
<> <> <> <> <> <> <> <> <> <> <> <>
##$OBS= 1
##$OFFS= (0..127)
0 0 0 0 0 0 0 0 0 0 0 0 0 0 0 0 0 0 0 0 0 0 0 0 0 0 0 0 0 0 0 0 0 0 0 0
0 0 0 0 0 0 0 0 0 0 0 0 0 0 0 0 0 0 0 0 0 0 0 0 0 0 0 0 0 0 0 0 0 0 0 0
0 0 0 0 0 0 0 0 0 0 0 0 0 0 0 0 0 0 0 0 0 0 0 0 0 0 0 0 0 0 0 0 0 0 0 0
0 0 0 0 0 0 0 0 0 0 0 0 0 0 0 0 0 0 0 0
##$OFFSF= (0..7)
0 0 0 0 0 0 0 0
##$OFFSH= (0..7)
0 0 0 0 0 0 0 0
##$OFFSX= (0..7)
0 0 0 0 0 0 0 0
##$OFFSXAS= (0..7)
0 0 0 0 0 0 0 0
##$OFSF1= 0
##$OFSF2= 0
##$OFSH1= 0
##$OFSH2= 0
##$OFSH3= 0
##$OFSX1= 0
##$OFSX2= 0
##$OFSY= 0
##$PACOIL= (0..32)
0 0 0 0 0 0 0 0 0 0 0 0 0 0 0 0 0 0 0 0 0 0 0 0 0 0 0 0 0 0 0 0 0
##$PRECHAN= (0..32)
-1 2 3 0 1 4 -1 -1 -1 -1 -1 -1 -1 -1 -1 -1 -1 -1 -1 -1 -1 -1 -1 -1 -1 -1
-1 -1 -1 -1 -1 -1 -1
##$RECPRE= (0..25)
-1 0 1 2 4 -1 -1 -1 -1 -1 -1 -1 -1 -1 -1 -1 -1 -1 -1 -1 -1 -1 -1 -1 -1
-1
##$RECPRFX= (0..32)
1 1 1 0 1 0 0 0 0 0 0 0 0 0 0 0 0 0 0 0 0 0 0 0 0 0 0 0 0 0 0 0 0
##$RECSEL= (0..24)
0 1 2 3 4 5 6 7 8 9 10 11 12 13 14 15 16 17 18 19 20 21 22 23 24
##$SELREC= (0..24)
0 0 0 0 0 0 0 0 0 0 0 0 0 0 0 0 0 0 0 0 0 0 0 0 0
##$SFO1= 500.183088
##$SFO2= 500.183088
##$SFO3= 500.183088
##$SFO4= 500.183088
##$SFO5= 500.183088
##$SFO6= 500.183088
##$SFO7= 500.183088
##$SFO8= 500.183088
##$TY= (0..123)
0 0 0 0 0 0 0 0 0 0 0 0 0 0 0 0 0 0 0 0 0 0 0 0 0 0 0 0 0 0 0 0 0 0 0 0
0 0 0 0 0 0 0 0 0 0 0 0 0 0 0 0 0 0 0 0 0 0 0 0 0 0 0 0 0 0 0 0 0 0 0 0
0 0 0 0 0 0 0 0 0 0 0 0 0 0 0 0 0 0 0 0 0 0 0 0 0 0 0 0 0 0 0 0 0 0 0 0
0 0 0 0 0 0 0 0 0 0 0 0 0 0 0 0
##END=
